GEM
  remote: http://rubygems.org/
  specs:
    minitest (2.10.0)
    rake (0.9.2.2)

PLATFORMS
  ruby

DEPENDENCIES
  minitest
  rake
